GEM
  remote: http://rubygems.org/
  specs:
    Ascii85 (1.0.1)
    RedCloth (4.2.8)
    aasm (2.2.1)
    abstract (1.0.0)
    actionmailer (3.0.10)
      actionpack (= 3.0.10)
      mail (~> 2.2.19)
    actionpack (3.0.10)
      activemodel (= 3.0.10)
      activesupport (= 3.0.10)
      builder (~> 2.1.2)
      erubis (~> 2.6.6)
      i18n (~> 0.5.0)
      rack (~> 1.2.1)
      rack-mount (~> 0.6.14)
      rack-test (~> 0.5.7)
      tzinfo (~> 0.3.23)
    activemodel (3.0.10)
      activesupport (= 3.0.10)
      builder (~> 2.1.2)
      i18n (~> 0.5.0)
    activerecord (3.0.10)
      activemodel (= 3.0.10)
      activesupport (= 3.0.10)
      arel (~> 2.0.10)
      tzinfo (~> 0.3.23)
    activeresource (3.0.10)
      activemodel (= 3.0.10)
      activesupport (= 3.0.10)
    activesupport (3.0.10)
    acts-as-taggable-on (2.1.1)
      rails
    addressable (2.2.6)
    archive-tar-minitar (0.5.2)
    arel (2.0.10)
    arrayfields (4.7.4)
    awesome_print (0.4.0)
    builder (2.1.2)
    capistrano (2.8.0)
      highline
      net-scp (>= 1.0.0)
      net-sftp (>= 2.0.0)
      net-ssh (>= 2.0.14)
      net-ssh-gateway (>= 1.1.0)
    capistrano-ext (1.2.1)
      capistrano (>= 1.0.0)
    capybara (1.0.1)
      mime-types (>= 1.16)
      nokogiri (>= 1.3.3)
      rack (>= 1.0.0)
      rack-test (>= 0.5.4)
      selenium-webdriver (~> 2.0)
      xpath (~> 0.1.4)
    childprocess (0.2.2)
      ffi (~> 1.0.6)
    chronic (0.6.2)
    chunky_png (1.2.1)
    ci_reporter (1.6.5)
      builder (>= 2.1.2)
    cocaine (0.2.0)
    coderay (0.9.8)
    columnize (0.3.4)
    compass (0.11.5)
      chunky_png (~> 1.2)
      fssm (>= 0.2.7)
      sass (~> 3.1)
    cucumber (1.0.2)
      builder (>= 2.1.2)
      diff-lcs (>= 1.1.2)
      gherkin (~> 2.4.5)
      json (>= 1.4.6)
      term-ansicolor (>= 1.0.5)
    cucumber-rails (1.0.2)
      capybara (>= 1.0.0)
      cucumber (~> 1.0.0)
      nokogiri (>= 1.4.6)
    database_cleaner (0.6.7)
    default_value_for (1.0.5)
    delorean (1.1.0)
      chronic
    diff-lcs (1.1.3)
    email_spec (1.2.1)
      mail (~> 2.2)
      rspec (~> 2.0)
    erubis (2.6.6)
      abstract (>= 1.0.0)
    factory_girl (2.0.5)
    fakeweb (1.3.0)
    fastercsv (1.5.4)
    ffi (1.0.9)
    fssm (0.2.7)
    gherkin (2.4.16)
      json (>= 1.4.6)
    grit (2.4.1)
      diff-lcs (~> 1.1)
      mime-types (~> 1.15)
    haml (3.1.2)
    highline (1.6.2)
    hirb (0.5.0)
    httpclient (2.2.1)
    i18n (0.5.0)
    interactive_editor (0.0.8)
      spoon (>= 0.0.1)
    jnlp (0.7.3)
      nokogiri (>= 1.4.4, <= 1.5)
    json (1.5.3)
    json_pure (1.5.3)
    launchy (2.0.5)
      addressable (~> 2.2.6)
    linecache (0.46)
      rbx-require-relative (> 0.0.4)
    linecache19 (0.5.12)
      ruby_core_source (>= 0.1.4)
    mail (2.2.19)
      activesupport (>= 2.3.6)
      i18n (>= 0.4.0)
      mime-types (~> 1.16)
      treetop (~> 1.4.8)
    maruku (0.6.0)
      syntax (>= 1.0.0)
    method_source (0.6.0)
      ruby_parser (>= 2.0.5)
    mime-types (1.16)
    mysql (2.8.1)
    net-scp (1.0.4)
      net-ssh (>= 1.99.1)
    net-sftp (2.0.5)
      net-ssh (>= 2.0.9)
    net-ssh (2.2.1)
    net-ssh-gateway (1.1.0)
      net-ssh (>= 1.99.1)
    nokogiri (1.5.0)
    open4 (1.1.0)
    paperclip (2.4.0)
      activerecord (>= 2.3.0)
      activesupport (>= 2.3.2)
      cocaine (>= 0.0.2)
      mime-types
    pdf-reader (0.10.0)
      Ascii85 (~> 1.0.0)
    polyglot (0.3.2)
    prawn (0.12.0)
      pdf-reader (>= 0.9.0)
      ttfunk (~> 1.0.2)
    prawn-core (0.8.4)
    prawn-format (0.2.3)
      prawn-core
    prawn_rails (0.0.6)
      prawn (>= 0.11.1)
      rails (>= 3.0.0)
    pry (0.9.3)
      coderay (>= 0.9.8)
      method_source (>= 0.6.0)
      ruby_parser (>= 2.0.5)
      slop (~> 1.9.0)
    rack (1.2.3)
    rack-mount (0.6.14)
      rack (>= 1.0.0)
    rack-test (0.5.7)
      rack (>= 1.0)
    rails (3.0.10)
      actionmailer (= 3.0.10)
      actionpack (= 3.0.10)
      activerecord (= 3.0.10)
      activeresource (= 3.0.10)
      activesupport (= 3.0.10)
      bundler (~> 1.0)
      railties (= 3.0.10)
    railties (3.0.10)
      actionpack (= 3.0.10)
      activesupport (= 3.0.10)
      rake (>= 0.8.7)
      rdoc (~> 3.4)
      thor (~> 0.14.4)
    rake (0.9.2)
    rbx-require-relative (0.0.5)
    rdoc (3.9.4)
    remarkable (3.1.13)
      rspec (>= 1.2.0)
    remarkable_activerecord (3.1.13)
      remarkable (~> 3.1.13)
      rspec (>= 1.2.0)
    remarkable_rails (3.1.13)
      remarkable (~> 3.1.13)
      remarkable_activerecord (~> 3.1.13)
      rspec (>= 1.2.0)
      rspec-rails (>= 1.2.0)
    rspec (2.6.0)
      rspec-core (~> 2.6.0)
      rspec-expectations (~> 2.6.0)
      rspec-mocks (~> 2.6.0)
    rspec-core (2.6.4)
    rspec-expectations (2.6.0)
      diff-lcs (~> 1.1.2)
    rspec-mocks (2.6.0)
    rspec-rails (2.6.1)
      actionpack (~> 3.0)
      activesupport (~> 3.0)
      railties (~> 3.0)
      rspec (~> 2.6.0)
    ruby-debug (0.10.4)
      columnize (>= 0.1)
      ruby-debug-base (~> 0.10.4.0)
    ruby-debug-base (0.10.4)
      linecache (>= 0.3)
    ruby-debug-base19 (0.11.25)
      columnize (>= 0.3.1)
      linecache19 (>= 0.5.11)
      ruby_core_source (>= 0.1.4)
    ruby-debug19 (0.11.6)
      columnize (>= 0.3.1)
      linecache19 (>= 0.5.11)
      ruby-debug-base19 (>= 0.11.19)
    ruby-ole (1.2.11.1)
    ruby_core_source (0.1.5)
      archive-tar-minitar (>= 0.5.2)
    ruby_parser (2.2.0)
      sexp_processor (~> 3.0)
    rubyzip (0.9.4)
    sass (3.1.7)
    selenium-webdriver (2.5.0)
      childprocess (>= 0.2.1)
      ffi (>= 1.0.7)
      json_pure
      rubyzip
    sexp_processor (3.0.6)
    slop (1.9.1)
    soap4r-ruby1.9 (2.0.3)
    spoon (0.0.1)
    spork (0.8.5)
    spreadsheet (0.6.5.7)
      ruby-ole (>= 1.0)
    syntax (1.0.0)
    term-ansicolor (1.0.6)
    themes_for_rails (0.4.2)
      rails (~> 3.0.0)
      themes_for_rails
    thor (0.14.6)
    treetop (1.4.10)
      polyglot
      polyglot (>= 0.3.1)
    ttfunk (1.0.2)
    tzinfo (0.3.29)
    uuidtools (2.1.2)
    what_methods (1.0.1)
    will_paginate (2.3.16)
    wirble (0.1.3)
    xpath (0.1.4)
      nokogiri (~> 1.3)

PLATFORMS
  ruby

DEPENDENCIES
  RedCloth (~> 4.2.8)
  aasm (~> 2.2.1)
  activerecord-jdbcmysql-adapter (~> 1.1.3)
  acts-as-taggable-on (~> 2.1.1)
  arrayfields
  awesome_print
  capistrano-ext
  capybara (~> 1.0.1)
  ci_reporter (~> 1.6.5)
  compass (~> 0.11.5)
  cucumber (~> 1.0.2)
  cucumber-rails (~> 1.0.2)
  database_cleaner (~> 0.6.7)
  default_value_for
  delorean (~> 1.1)
  email_spec (~> 1.2.1)
  factory_girl (~> 2.0.5)
  fakeweb (~> 1.3)
  fastercsv (~> 1.5)
  ffi-ncurses (~> 0.3.3)
  grit (~> 2.4)
  haml (~> 3.1.1)
  highline
  hirb
  httpclient (~> 2.2)
  interactive_editor
  jnlp (~> 0.7.3)
  jruby-openssl (~> 0.7.4)
  launchy (~> 2.0.5)
  maruku (~> 0.6)
  mysql (~> 2.7)
  net-sftp (~> 2.0)
  nokogiri (~> 1.5.0)
  open4 (~> 1.0)
  paperclip (~> 2.4.0)
  prawn (~> 0.12.0)
  prawn-format (~> 0.2.3)
  prawn_rails (~> 0.0.6)
  pry
  rails (~> 3.0.10)
  rake (>= 0.9.2)
  rdoc (~> 3.9.4)
  remarkable_rails (~> 3.1.13)
  rspec (~> 2.6)
  rspec-rails (~> 2.6)
  ruby-debug
  ruby-debug19
  soap4r-ruby1.9 (~> 2.0.3)
  spork (~> 0.8)
  spreadsheet
  syntax (~> 1.0)
  themes_for_rails (~> 0.4.2)
  uuidtools (~> 2.1.2)
  what_methods
  will_paginate (~> 2.3.15)
  wirble
