GIT
  remote: git://github.com/concord-consortium/calpicker
  revision: 741498eef4b3b4fef9bca179aa1474514f930759
  specs:
    calpicker (0.0.1)
      prototype-rails
      rails (~> 3.2.0)

GIT
  remote: git://github.com/concord-consortium/capistrano-autoscaling
  revision: 49d6bff5002d188495bec53996b9bdbaa5b4a01f
  branch: concord
  specs:
    capistrano-autoscaling (0.0.8.5)
      aws-sdk (>= 1.5.4)
      capistrano (< 3)

GIT
  remote: git://github.com/concord-consortium/cc_portal_remote_auth
  revision: a4b3828845a999823148c475e61086580bfb2063
  specs:
    cc_portal_remote_auth (0.0.3)
      devise (~> 2.1.0)
      rails (~> 3.2.11)

GIT
  remote: git://github.com/concord-consortium/cc_portal_wordpress_integration
  revision: 442818c61c67c36aa089a010ef882865d65806c9
  specs:
    cc_portal_wordpress_integration (0.0.5)
      devise (~> 2.1.0)
      haml (~> 4.0)
      rails (~> 3.2.11)

GIT
  remote: git://github.com/concord-consortium/genigames-connector
  revision: d46d31cad789dd806377a8e28feecf387a9020ee
  specs:
    genigames_connector (0.0.4)
      haml (~> 4.0)
      json (~> 1.8.6)
      rails (~> 3.2.11)

GIT
  remote: git://github.com/concord-consortium/geniverse-portal-integration
  revision: fec985b8a8086598ca70514ddba0b70c53f4a676
  specs:
    geniverse_portal_integration (0.0.7)
      haml (~> 4.0)
      json (~> 1.8.6)
      rails (~> 3.2.19)

GIT
  remote: git://github.com/concord-consortium/in_place_editing.git
  revision: 2d6b856ca0a3d9eccb9c85bb48725537870ed32c
  specs:
    in_place_editing (1.2.0)

GIT
  remote: git://github.com/concord-consortium/prototype_legacy_helper.git
  revision: 39efacca4fd172555a04a33c1ae52a307019d1d4
  specs:
    prototype-rails (3.2.1)
      rails

GIT
  remote: git://github.com/concord-consortium/rush
  revision: 10d9715697d7cc5ce069c32093289b809dea8bd3
  specs:
    rush (0.6.8)
      session

GIT
  remote: git://github.com/concord-consortium/themes_for_rails
  revision: 90ce15e3ba9216b87e4fbafa1f2b867bff09707f
  branch: asset-pipeline-only
  specs:
    themes_for_rails (0.5.1)
      rails (>= 3.0.11)

GEM
  remote: http://rubygems.org/
  remote: https://rails-assets.org/
  specs:
    Ascii85 (1.0.1)
    POpen4 (0.1.4)
      Platform (>= 0.4.0)
      open4
    Platform (0.4.0)
    RedCloth (4.2.9)
    RedCloth (4.2.9-x86-mingw32)
    aasm (2.2.1)
    actionmailer (3.2.22.5)
      actionpack (= 3.2.22.5)
      mail (~> 2.5.4)
    actionpack (3.2.22.5)
      activemodel (= 3.2.22.5)
      activesupport (= 3.2.22.5)
      builder (~> 3.0.0)
      erubis (~> 2.7.0)
      journey (~> 1.0.4)
      rack (~> 1.4.5)
      rack-cache (~> 1.2)
      rack-test (~> 0.6.1)
      sprockets (~> 2.2.1)
    activemodel (3.2.22.5)
      activesupport (= 3.2.22.5)
      builder (~> 3.0.0)
    activerecord (3.2.22.5)
      activemodel (= 3.2.22.5)
      activesupport (= 3.2.22.5)
      arel (~> 3.0.2)
      tzinfo (~> 0.3.29)
    activerecord-import (0.2.9)
      activerecord (~> 3.0)
    activeresource (3.2.22.5)
      activemodel (= 3.2.22.5)
      activesupport (= 3.2.22.5)
    activesupport (3.2.22.5)
      i18n (~> 0.6, >= 0.6.4)
      multi_json (~> 1.0)
    acts-as-taggable-on (2.1.1)
      rails
    acts_as_list (0.1.6)
    addressable (2.2.8)
    arel (3.0.3)
    arrayfields (4.7.4)
    awesome_print (1.0.2)
    aws-sdk (1.55.0)
      aws-sdk-v1 (= 1.55.0)
    aws-sdk-v1 (1.55.0)
      json (~> 1.4)
      nokogiri (>= 1.4.4)
    axiom-types (0.1.1)
      descendants_tracker (~> 0.0.4)
      ice_nine (~> 0.11.0)
      thread_safe (~> 0.3, >= 0.3.1)
    axlsx (2.0.1)
      htmlentities (~> 4.3.1)
      nokogiri (>= 1.4.1)
      rubyzip (~> 1.0.0)
    babel-source (5.8.35)
    babel-transpiler (0.7.0)
      babel-source (>= 4.0, < 6)
      execjs (~> 2.0)
    bcrypt-ruby (3.0.1)
    bcrypt-ruby (3.0.1-x86-mingw32)
    better_errors (1.1.0)
      coderay (>= 1.0.0)
      erubis (>= 2.6.6)
    builder (3.0.4)
    bullet (4.14.0)
      activesupport (>= 3.0.0)
      uniform_notifier (>= 1.6.0)
    capistrano (2.14.1)
      highline
      net-scp (>= 1.0.0)
      net-sftp (>= 2.0.0)
      net-ssh (>= 2.0.14)
      net-ssh-gateway (>= 1.1.0)
    capistrano-cowboy (0.1.2)
      capistrano
    capybara (1.1.2)
      mime-types (>= 1.16)
      nokogiri (>= 1.3.3)
      rack (>= 1.0.0)
      rack-test (>= 0.5.4)
      selenium-webdriver (~> 2.0)
      xpath (~> 0.1.4)
    capybara-mechanize (0.3.0)
      capybara (~> 1.1)
      mechanize (~> 2.3)
    capybara-screenshot (1.0.9)
      capybara (>= 1.0, < 3)
      launchy
    childprocess (0.5.9)
      ffi (~> 1.0, >= 1.0.11)
    chronic (0.6.7)
    chunky_png (1.3.4)
    ci_reporter (1.7.0)
      builder (>= 2.1.2)
    cocaine (0.4.2)
    coderay (1.1.0)
    coercible (1.0.0)
      descendants_tracker (~> 0.0.1)
    coffee-rails (3.2.2)
      coffee-script (>= 2.2.0)
      railties (~> 3.2.0)
    coffee-script (2.4.1)
      coffee-script-source
      execjs
    coffee-script-source (1.9.1.1)
    columnize (0.9.0)
    compass (1.0.3)
      chunky_png (~> 1.2)
      compass-core (~> 1.0.2)
      compass-import-once (~> 1.0.5)
      rb-fsevent (>= 0.9.3)
      rb-inotify (>= 0.9)
      sass (>= 3.3.13, < 3.5)
    compass-blueprint (1.0.0)
      compass
    compass-core (1.0.3)
      multi_json (~> 1.0)
      sass (>= 3.3.0, < 3.5)
    compass-import-once (1.0.5)
      sass (>= 3.2, < 3.5)
    compass-rails (2.0.4)
      compass (~> 1.0.0)
      sass-rails (<= 5.0.1)
      sprockets (< 2.13)
    concurrent-ruby (1.0.5)
    connection_pool (2.2.0)
    crack (0.3.2)
    crass (1.0.2)
    cucumber (1.3.20)
      builder (>= 2.1.2)
      diff-lcs (>= 1.1.3)
      gherkin (~> 2.12)
      multi_json (>= 1.7.5, < 2.0)
      multi_test (>= 0.1.2)
    cucumber-rails (1.3.0)
      capybara (>= 1.1.2)
      cucumber (>= 1.1.8)
      nokogiri (>= 1.5.0)
    daemons (1.1.8)
    database_cleaner (0.7.2)
    debugger-ruby_core_source (1.3.8)
    default_value_for (2.0.3)
    delayed_job (4.1.1)
      activesupport (>= 3.0, < 5.0)
    delayed_job_active_record (4.1.0)
      activerecord (>= 3.0, < 5)
      delayed_job (>= 3.0, < 5)
    delayed_job_web (1.2.9)
      activerecord (> 3.0.0)
      delayed_job (> 2.0.3)
      sinatra (>= 1.4.4)
    delorean (1.2.0)
      chronic
    descendants_tracker (0.0.4)
      thread_safe (~> 0.3, >= 0.3.1)
    devise (2.1.3)
      bcrypt-ruby (~> 3.0)
      orm_adapter (~> 0.1)
      railties (~> 3.1)
      warden (~> 1.2.1)
    devise-encryptable (0.1.1)
      devise (>= 2.1.0.rc)
    diff-lcs (1.1.3)
    domain_name (0.5.11)
      unf (>= 0.0.5, < 1.0.0)
    dynamic_form (1.1.4)
    email_spec (1.2.1)
      mail (~> 2.2)
      rspec (~> 2.0)
    equalizer (0.0.9)
    erubis (2.7.0)
    exception_notification (2.5.2)
      actionmailer (>= 3.0.4)
    execjs (2.5.2)
    factory_girl (3.6.2)
      activesupport (>= 3.0.0)
    fakeweb (1.3.0)
    faraday (0.12.1)
      multipart-post (>= 1.2, < 3)
    fattr (2.2.1)
    ffi (1.9.17)
    ffi (1.9.17-x86-mingw32)
    font-awesome-rails (4.7.0.1)
      railties (>= 3.2, < 5.1)
    formatador (0.2.5)
    gherkin (2.12.2)
      multi_json (~> 1.3)
    gherkin (2.12.2-x86-mingw32)
      multi_json (~> 1.3)
    grit (2.5.0)
      diff-lcs (~> 1.1)
      mime-types (~> 1.15)
      posix-spawn (~> 0.3.6)
    guard (1.8.3)
      formatador (>= 0.2.4)
      listen (~> 1.3)
      lumberjack (>= 1.0.2)
      pry (>= 0.9.10)
      thor (>= 0.14.6)
    guard-cucumber (1.2.2)
      cucumber (>= 1.2.0)
      guard (>= 1.1.0)
    guard-rspec (2.5.4)
      guard (>= 1.1)
      rspec (~> 2.11)
    haml (4.0.7)
      tilt
    hashie (2.0.3)
    highline (1.6.15)
    hike (1.2.3)
    hirb (0.6.2)
    htmlentities (4.3.4)
    httparty (0.8.3)
      multi_json (~> 1.0)
      multi_xml
    httpauth (0.2.1)
    httpclient (2.2.5)
    i18n (0.9.0)
      concurrent-ruby (~> 1.0)
    ice_nine (0.11.0)
    interactive_editor (0.0.10)
      spoon (>= 0.0.1)
    jasmine (2.3.0)
      jasmine-core (~> 2.3)
      phantomjs
      rack (>= 1.2.1)
      rake
    jasmine-core (2.3.4)
    journey (1.0.4)
    jquery-fileupload-rails (0.4.5)
      actionpack (>= 3.1)
      railties (>= 3.1)
      sass (>= 3.2)
    json (1.8.6)
    json-schema (2.4.1)
    jwt (1.5.6)
    kgio (2.10.0)
    launchy (2.0.5)
      addressable (~> 2.2.6)
    libv8 (3.16.14.17)
    linecache (0.46)
      rbx-require-relative (> 0.0.4)
    listen (1.3.1)
      rb-fsevent (>= 0.9.3)
      rb-inotify (>= 0.9)
      rb-kqueue (>= 0.2)
    lol_dba (1.6.4)
      actionpack (>= 3.0)
      activerecord (>= 3.0)
      railties (>= 3.0)
    lumberjack (1.0.9)
    mail (2.5.5)
      mime-types (~> 1.16)
      treetop (~> 1.4.8)
    mechanize (2.6.0)
      domain_name (~> 0.5, >= 0.5.1)
      mime-types (~> 1.17, >= 1.17.2)
      net-http-digest_auth (~> 1.1, >= 1.1.1)
      net-http-persistent (~> 2.5, >= 2.5.2)
      nokogiri (~> 1.4)
      ntlm-http (~> 0.1, >= 0.1.1)
      webrobots (>= 0.0.9, < 0.2)
    method_source (0.8.2)
    mime-types (1.25.1)
    mini_portile2 (2.1.0)
    momentjs-rails (2.17.1)
      railties (>= 3.1)
    multi_json (1.12.2)
    multi_test (0.1.2)
    multi_xml (0.5.1)
    multipart-post (2.0.0)
    mysql2 (0.3.21)
    mysql2 (0.3.21-x86-mingw32)
    nested_form (0.3.2)
    net-http-digest_auth (1.3)
    net-http-persistent (2.8)
    net-scp (1.0.4)
      net-ssh (>= 1.99.1)
    net-sftp (2.0.5)
      net-ssh (>= 2.0.9)
    net-ssh (2.6.3)
    net-ssh-gateway (1.1.0)
      net-ssh (>= 1.99.1)
    newrelic_rpm (4.4.0.336)
    nokogiri (1.7.0.1)
      mini_portile2 (~> 2.1.0)
    nokogiri (1.7.0.1-x86-mingw32)
      mini_portile2 (~> 2.1.0)
    nokogumbo (1.4.1)
      nokogiri
    ntlm-http (0.1.1)
    oauth (0.4.7)
    oauth2 (0.6.1)
      faraday (~> 0.7)
      httpauth (~> 0.1)
      multi_json (~> 1.3)
    oj (2.12.14)
    omniauth (1.1.4)
      hashie (>= 1.2, < 3)
      rack
    omniauth-google-oauth2 (0.2.2)
      omniauth (~> 1.0)
      omniauth-oauth2
    omniauth-oauth (1.1.0)
      oauth
      omniauth (~> 1.0)
    omniauth-oauth2 (1.0.2)
      oauth2 (~> 0.6.0)
      omniauth (~> 1.0)
    open4 (1.3.0)
    orm_adapter (0.4.0)
    paperclip (3.4.0)
      activemodel (>= 3.0.0)
      activerecord (>= 3.0.0)
      activesupport (>= 3.0.0)
      cocaine (~> 0.4.0)
      mime-types
    pdf-reader (1.1.1)
      Ascii85 (~> 1.0.0)
      ruby-rc4
    phantomjs (1.9.8.0)
    polyglot (0.3.5)
    posix-spawn (0.3.6)
    power_assert (0.2.2)
    pr_geohash (1.0.0)
    prawn (0.12.0)
      pdf-reader (>= 0.9.0)
      ttfunk (~> 1.0.2)
    prawn_rails (0.0.8)
      prawn (>= 0.11.1)
      rails (>= 3.0.0)
    pry (0.10.3)
      coderay (~> 1.1.0)
      method_source (~> 0.8.1)
      slop (~> 3.4)
    pundit (1.0.1)
      activesupport (>= 3.0.0)
    rack (1.4.7)
    rack-cache (1.7.1)
      rack (>= 0.4)
    rack-cors (0.2.9)
    rack-mini-profiler (0.9.2)
      rack (>= 1.1.3)
    rack-protection (1.5.3)
      rack
    rack-ssl (1.3.4)
      rack
    rack-test (0.6.3)
      rack (>= 1.0)
    rails (3.2.22.5)
      actionmailer (= 3.2.22.5)
      actionpack (= 3.2.22.5)
      activerecord (= 3.2.22.5)
      activeresource (= 3.2.22.5)
      activesupport (= 3.2.22.5)
      bundler (~> 1.0)
      railties (= 3.2.22.5)
    rails-assets-react (15.5.4)
    rails-assets-react-day-picker (5.4.1)
      rails-assets-react
    railties (3.2.22.5)
      actionpack (= 3.2.22.5)
      activesupport (= 3.2.22.5)
      rack-ssl (~> 1.3.2)
      rake (>= 0.8.7)
      rdoc (~> 3.4)
      thor (>= 0.14.6, < 2.0)
    raindrops (0.16.0)
    rake (0.9.6)
    rb-fchange (0.0.6)
      ffi
    rb-fsevent (0.9.4)
    rb-inotify (0.9.5)
      ffi (>= 0.5.0)
    rb-kqueue (0.2.3)
      ffi (>= 0.5.0)
    rbx-require-relative (0.0.9)
    rdoc (3.9.5)
    react-rails (1.7.2)
      babel-transpiler (>= 0.7.0)
      coffee-script-source (~> 1.8)
      connection_pool
      execjs
      rails (>= 3.2)
      tilt
    redcarpet (2.1.1)
    ref (1.0.5)
    remarkable (3.1.13)
      rspec (>= 1.2.0)
    remarkable_activerecord (3.1.13)
      remarkable (~> 3.1.13)
      rspec (>= 1.2.0)
    rollbar (2.15.5)
      multi_json
    rsolr (1.1.1)
      builder (>= 2.1.2)
    rspec (2.11.0)
      rspec-core (~> 2.11.0)
      rspec-expectations (~> 2.11.0)
      rspec-mocks (~> 2.11.0)
    rspec-core (2.11.1)
    rspec-expectations (2.11.3)
      diff-lcs (~> 1.1.3)
    rspec-mocks (2.11.3)
    rspec-rails (2.11.0)
      actionpack (>= 3.0)
      activesupport (>= 3.0)
      railties (>= 3.0)
      rspec (~> 2.11.0)
    ruby-debug (0.10.4)
      columnize (>= 0.1)
      ruby-debug-base (~> 0.10.4.0)
    ruby-debug-base (0.10.4)
      linecache (>= 0.3)
    ruby-prof (0.12.1)
    ruby-prof (0.12.1-x86-mingw32)
    ruby-rc4 (0.1.5)
    rubyzip (1.0.0)
    sanitize (4.0.0)
      crass (~> 1.0.2)
      nokogiri (>= 1.4.4)
      nokogumbo (= 1.4.1)
    sass (3.3.14)
    sass-rails (3.2.5)
      railties (~> 3.2.0)
      sass (>= 3.1.10)
      tilt (~> 1.3)
    selenium-webdriver (2.53.4)
      childprocess (~> 0.5)
      rubyzip (~> 1.0)
      websocket (~> 1.0)
    session (3.1.0)
      fattr
    sextant (0.2.4)
      rails (>= 3.2)
    sinatra (1.4.5)
      rack (~> 1.4)
      rack-protection (~> 1.4)
      tilt (~> 1.3, >= 1.3.4)
    slop (3.6.0)
    spoon (0.0.1)
    spring (1.7.2)
    spring-commands-cucumber (1.0.1)
      spring (>= 0.9.1)
    spring-commands-rspec (1.0.4)
      spring (>= 0.9.1)
    sprockets (2.2.3)
      hike (~> 1.2)
      multi_json (~> 1.0)
      rack (~> 1.0)
      tilt (~> 1.1, != 1.3.0)
    strong_parameters (0.2.3)
      actionpack (~> 3.0)
      activemodel (~> 3.0)
      activesupport (~> 3.0)
      railties (~> 3.0)
    sunspot (2.2.5)
      pr_geohash (~> 1.0)
      rsolr (~> 1.1.1)
    sunspot_rails (2.2.5)
      nokogiri
      rails (>= 3)
      sunspot (= 2.2.5)
    sunspot_solr (2.2.5)
    syntax (1.0.0)
    test-unit (3.0.8)
      power_assert
    therubyracer (0.12.1)
      libv8 (~> 3.16.14.0)
      ref
    thor (0.20.0)
    thread_safe (0.3.4)
    tilt (1.4.1)
    tinymce-rails (3.5.6)
      railties (>= 3.1.1)
    treetop (1.4.15)
      polyglot
      polyglot (>= 0.3.1)
    ttfunk (1.0.3)
    turbo-sprockets-rails3 (0.3.6)
      railties (> 3.2.8, < 4.0.0)
      sprockets (>= 2.0.0)
    tzinfo (0.3.53)
    uglifier (1.2.7)
      execjs (>= 0.3.0)
      multi_json (~> 1.3)
    unf (0.1.1)
      unf_ext
    unf_ext (0.0.6)
    unf_ext (0.0.6-x86-mingw32)
    unicorn (5.1.0)
      kgio (~> 2.6)
      raindrops (~> 0.7)
    uniform_notifier (1.6.2)
    useragent (0.10.0)
    uuidtools (2.1.5)
    virtus (1.0.3)
      axiom-types (~> 0.1)
      coercible (~> 1.0)
      descendants_tracker (~> 0.0, >= 0.0.3)
      equalizer (~> 0.0, >= 0.0.9)
    warden (1.2.1)
      rack (>= 1.0)
    webmock (1.11.0)
      addressable (>= 2.2.7)
      crack (>= 0.3.2)
    webrobots (0.1.1)
    websocket (1.2.3)
    what_methods (1.0.1)
    will_paginate (3.0.3)
    wirble (0.1.3)
    xpath (0.1.4)
      nokogiri (~> 1.3)
    xray-rails (0.1.18)
      coffee-rails
      rails (>= 3.1.0)
    yui-compressor (0.9.6)
      POpen4 (>= 0.1.4)

PLATFORMS
  ruby
  x86-mingw32

DEPENDENCIES
  RedCloth (~> 4.2.8)
  aasm (~> 2.2.1)
  activerecord-import (~> 0.2.8)
  acts-as-taggable-on (~> 2.1.1)
  acts_as_list (~> 0.1.6)
  arrayfields
  awesome_print
  aws-sdk (~> 1.55.0)
  axlsx (~> 2.0, >= 2.0.1)
  better_errors (~> 1.1.0)
  bullet
  calpicker!
  capistrano (~> 2.14.1)
  capistrano-autoscaling (= 0.0.8.5)!
  capistrano-cowboy
  capybara (~> 1.1.2)
  capybara-mechanize (~> 0.3.0)
  capybara-screenshot
  cc_portal_remote_auth!
  cc_portal_wordpress_integration!
  ci_reporter (~> 1.7.0)
  coffee-rails
  compass-blueprint
  compass-rails (~> 2.0.4)
  connection_pool
  cucumber (~> 1.3.0)
  cucumber-rails (~> 1.3.0)
  daemons (~> 1.1.8)
  database_cleaner (~> 0.7.2)
  debugger-ruby_core_source (~> 1.3.8)
  default_value_for (~> 2.0.3)
  delayed_job (~> 4.1.1)
  delayed_job_active_record (~> 4.1.0)
  delayed_job_web
  delorean (~> 1.1)
  devise (~> 2.1.0)
  devise-encryptable
  dynamic_form (~> 1.1.4)
  email_spec (~> 1.2.1)
  exception_notification (~> 2.5.2)
  factory_girl (~> 3.0)
  fakeweb (~> 1.3)
  font-awesome-rails
  genigames_connector (= 0.0.4)!
  geniverse_portal_integration!
  grit (~> 2.4)
  guard (~> 1.8.3)
  guard-cucumber (~> 1.2.2)
  guard-rspec
  haml (~> 4.0)
  highline
  hirb
  httparty
  httpclient (~> 2.2)
  in_place_editing!
  interactive_editor
  jasmine (~> 2.3.0)
  jquery-fileupload-rails
  json (~> 1.8.6)
  json-schema
  jwt
  launchy (~> 2.0.5)
  lol_dba
  momentjs-rails (~> 2.17.1)
  mysql2 (~> 0.3.16)
  nested_form
  net-sftp (~> 2.0)
  newrelic_rpm (~> 4.4, >= 4.4.0.336)
  nokogiri (~> 1.7.0)
  oj (~> 2.12.14)
  omniauth
  omniauth-google-oauth2
  omniauth-oauth
  open4 (~> 1.0)
  paperclip (~> 3.4.0)
  prawn (~> 0.12.0)
  prawn_rails (~> 0.0.6)
  prototype-rails!
  pry
  pundit
  rack-cors
  rack-mini-profiler
  rails (~> 3.2.22)
  rails-assets-react-day-picker (~> 5.4.1)!
  rake (~> 0.9.2)
  rb-fchange
  rb-fsevent
  rb-inotify
  rdoc (~> 3.9.4)
  react-rails (~> 1.7)
  redcarpet (~> 2.1.1)
  remarkable_activerecord (~> 3.1.13)
  rollbar
  rspec (~> 2.11.0)
  rspec-rails (~> 2.11.0)
  ruby-debug
  ruby-prof
  rubyzip (~> 1.0.0)
  rush!
  sanitize
  sass
  sass-rails
  selenium-webdriver
  sextant
  spring (~> 1.7.2)
  spring-commands-cucumber
  spring-commands-rspec
  strong_parameters
  sunspot_rails
  sunspot_solr
  syntax (~> 1.0)
  test-unit (~> 3.0)
  themes_for_rails!
  therubyracer (~> 0.12.1)
  tinymce-rails (~> 3.5.6)
  turbo-sprockets-rails3 (~> 0.3.6)
  uglifier
  unicorn
  useragent
  uuidtools (~> 2.1.2)
  virtus (~> 1.0.3)
  webmock (~> 1.11.0)
  what_methods
  will_paginate (~> 3.0.0)
  wirble
  xray-rails (~> 0.1.18)
  yui-compressor

BUNDLED WITH
   1.16.2
